GEM
  remote: https://rubygems.org/
  specs:
    CFPropertyList (2.3.4)
    actionmailer (4.2.1)
      actionpack (= 4.2.1)
      actionview (= 4.2.1)
      activejob (= 4.2.1)
      mail (~> 2.5, >= 2.5.4)
      rails-dom-testing (~> 1.0, >= 1.0.5)
    actionpack (4.2.1)
      actionview (= 4.2.1)
      activesupport (= 4.2.1)
      rack (~> 1.6)
      rack-test (~> 0.6.2)
      rails-dom-testing (~> 1.0, >= 1.0.5)
      rails-html-sanitizer (~> 1.0, >= 1.0.1)
    actionview (4.2.1)
      activesupport (= 4.2.1)
      builder (~> 3.1)
      erubis (~> 2.7.0)
      rails-dom-testing (~> 1.0, >= 1.0.5)
      rails-html-sanitizer (~> 1.0, >= 1.0.1)
    activejob (4.2.1)
      activesupport (= 4.2.1)
      globalid (>= 0.3.0)
    activemodel (4.2.1)
      activesupport (= 4.2.1)
      builder (~> 3.1)
    activerecord (4.2.1)
      activemodel (= 4.2.1)
      activesupport (= 4.2.1)
      arel (~> 6.0)
    activesupport (4.2.1)
      i18n (~> 0.7)
      json (~> 1.7, >= 1.7.7)
      minitest (~> 5.1)
      thread_safe (~> 0.3, >= 0.3.4)
      tzinfo (~> 1.1)
    addressable (2.5.0)
      public_suffix (~> 2.0, >= 2.0.2)
    arel (6.0.3)
    autoprefixer-rails (6.5.4)
      execjs
    babosa (1.0.2)
    binding_of_caller (0.7.2)
      debug_inspector (>= 0.0.1)
    bootstrap-sass (3.3.7)
      autoprefixer-rails (>= 5.2.1)
      sass (>= 3.3.4)
    builder (3.2.2)
    byebug (9.0.6)
    claide (1.0.1)
    coffee-rails (4.1.1)
      coffee-script (>= 2.2.0)
      railties (>= 4.0.0, < 5.1.x)
    coffee-script (2.4.1)
      coffee-script-source
      execjs
    coffee-script-source (1.12.2)
    colored (1.2)
    commander (4.4.1)
      highline (~> 1.7.2)
    concurrent-ruby (1.0.3)
    debug_inspector (0.0.2)
    domain_name (0.5.20161129)
      unf (>= 0.0.5, < 1.0.0)
    dotenv (2.1.1)
    erubis (2.7.0)
    excon (0.54.0)
    execjs (2.7.0)
    faraday (0.10.0)
      multipart-post (>= 1.2, < 3)
    faraday-cookie_jar (0.0.6)
      faraday (>= 0.7.4)
      http-cookie (~> 1.0.0)
    faraday_middleware (0.10.1)
      faraday (>= 0.7.4, < 1.0)
    fastimage (2.0.1)
      addressable (~> 2)
    fastlane (2.1.1)
      activesupport (< 5)
      addressable (>= 2.3, < 3.0.0)
      babosa (>= 1.0.2, < 2.0.0)
      bundler (~> 1.12)
      colored
      commander (>= 4.4.0, < 5.0.0)
      dotenv (>= 2.1.1, < 3.0.0)
      excon (>= 0.45.0, < 1.0.0)
      faraday (~> 0.9)
      faraday-cookie_jar (~> 0.0.6)
      faraday_middleware (~> 0.9)
      fastimage (>= 1.6)
      gh_inspector (>= 1.0.1, < 2.0.0)
      google-api-client (~> 0.9.1)
      highline (>= 1.7.2, < 2.0.0)
      json (< 3.0.0)
      mini_magick (~> 4.5.1)
      multi_json
      multi_xml (~> 0.5)
      multipart-post (~> 2.0.0)
      plist (>= 3.1.0, < 4.0.0)
      rubyzip (>= 1.1.0, < 2.0.0)
      security (= 0.1.3)
      slack-notifier (>= 1.3, < 2.0.0)
      terminal-notifier (>= 1.6.2, < 2.0.0)
      terminal-table (>= 1.4.5, < 2.0.0)
      word_wrap (~> 1.0.0)
      xcodeproj (>= 0.20, < 2.0.0)
      xcpretty (>= 0.2.4, < 1.0.0)
      xcpretty-travis-formatter (>= 0.0.3)
    gh_inspector (1.0.2)
    globalid (0.3.7)
      activesupport (>= 4.1.0)
    google-api-client (0.9.20)
      addressable (~> 2.3)
      googleauth (~> 0.5)
      httpclient (~> 2.7)
      hurley (~> 0.1)
      memoist (~> 0.11)
      mime-types (>= 1.6)
      representable (~> 2.3.0)
      retriable (~> 2.0)
    googleauth (0.5.1)
      faraday (~> 0.9)
      jwt (~> 1.4)
      logging (~> 2.0)
      memoist (~> 0.12)
      multi_json (~> 1.11)
      os (~> 0.9)
      signet (~> 0.7)
    highline (1.7.8)
    http-cookie (1.0.3)
      domain_name (~> 0.5)
    http_accept_language (2.0.5)
    httpclient (2.8.3)
    hurley (0.2)
    i18n (0.7.0)
    jquery-rails (4.2.1)
      rails-dom-testing (>= 1, < 3)
      railties (>= 4.2.0)
      thor (>= 0.14, < 2.0)
    json (1.8.3)
    jwt (1.5.6)
    little-plugger (1.1.4)
    logging (2.1.0)
      little-plugger (~> 1.1)
      multi_json (~> 1.10)
    loofah (2.0.3)
      nokogiri (>= 1.5.9)
    mail (2.6.4)
      mime-types (>= 1.16, < 4)
    memoist (0.15.0)
    mime-types (3.1)
      mime-types-data (~> 3.2015)
    mime-types-data (3.2016.0521)
    mini_magick (4.5.1)
    mini_portile2 (2.1.0)
    minitest (5.10.1)
    multi_json (1.12.1)
    multi_xml (0.6.0)
    multipart-post (2.0.0)
    nanaimo (0.2.3)
    nokogiri (1.6.8.1)
      mini_portile2 (~> 2.1.0)
    os (0.9.6)
    plist (3.2.0)
    public_suffix (2.0.4)
    puma (3.6.2)
    rack (1.6.5)
    rack-test (0.6.3)
      rack (>= 1.0)
    rails (4.2.1)
      actionmailer (= 4.2.1)
      actionpack (= 4.2.1)
      actionview (= 4.2.1)
      activejob (= 4.2.1)
      activemodel (= 4.2.1)
      activerecord (= 4.2.1)
      activesupport (= 4.2.1)
      bundler (>= 1.3.0, < 2.0)
      railties (= 4.2.1)
      sprockets-rails
    rails-deprecated_sanitizer (1.0.3)
      activesupport (>= 4.2.0.alpha)
    rails-dom-testing (1.0.7)
      activesupport (>= 4.2.0.beta, < 5.0)
      nokogiri (~> 1.6.0)
      rails-deprecated_sanitizer (>= 1.0.1)
    rails-html-sanitizer (1.0.3)
      loofah (~> 2.0)
    rails_12factor (0.0.3)
      rails_serve_static_assets
      rails_stdout_logging
    rails_serve_static_assets (0.0.5)
    rails_stdout_logging (0.0.5)
    railties (4.2.1)
      actionpack (= 4.2.1)
      activesupport (= 4.2.1)
      rake (>= 0.8.7)
      thor (>= 0.18.1, < 2.0)
    rake (12.0.0)
    representable (2.3.0)
      uber (~> 0.0.7)
    retriable (2.1.0)
    rouge (1.11.1)
    rubyzip (1.2.0)
    sass (3.4.23)
    sass-rails (5.0.6)
      railties (>= 4.0.0, < 6)
      sass (~> 3.1)
      sprockets (>= 2.8, < 4.0)
      sprockets-rails (>= 2.0, < 4.0)
      tilt (>= 1.1, < 3)
    security (0.1.3)
    signet (0.7.3)
      addressable (~> 2.3)
      faraday (~> 0.9)
      jwt (~> 1.5)
      multi_json (~> 1.10)
    slack-notifier (1.5.1)
    spring (2.0.0)
      activesupport (>= 4.2)
    sprockets (3.7.1)
      concurrent-ruby (~> 1.0)
      rack (> 1, < 3)
    sprockets-rails (3.2.0)
      actionpack (>= 4.0)
      activesupport (>= 4.0)
      sprockets (>= 3.0.0)
    terminal-notifier (1.7.1)
    terminal-table (1.7.3)
      unicode-display_width (~> 1.1.1)
    thor (0.19.4)
    thread_safe (0.3.5)
    tilt (2.0.5)
    tzinfo (1.2.2)
      thread_safe (~> 0.1)
    uber (0.0.15)
    uglifier (3.0.4)
      execjs (>= 0.3.0, < 3)
    unf (0.1.4)
      unf_ext
    unf_ext (0.0.7.2)
    unicode-display_width (1.1.2)
    web-console (2.3.0)
      activemodel (>= 4.0)
      binding_of_caller (>= 0.7.2)
      railties (>= 4.0)
      sprockets-rails (>= 2.0, < 4.0)
    word_wrap (1.0.0)
    xcodeproj (1.4.2)
      CFPropertyList (~> 2.3.3)
      activesupport (>= 3)
      claide (>= 1.0.1, < 2.0)
      colored (~> 1.2)
      nanaimo (~> 0.2.3)
    xcpretty (0.2.4)
      rouge (~> 1.8)
    xcpretty-travis-formatter (0.0.4)
      xcpretty (~> 0.2, >= 0.0.7)

PLATFORMS
  ruby

DEPENDENCIES
  bootstrap-sass (~> 3.3.5)
  byebug
  coffee-rails (~> 4.1.0)
  fastlane
  http_accept_language (~> 2.0.5)
  jquery-rails
  puma
  rails (= 4.2.1)
  rails_12factor
  sass-rails (~> 5.0)
  spring
  uglifier (>= 1.3.0)
  web-console (~> 2.0)

BUNDLED WITH
   1.13.6
